GEM
  remote: http://rubygems.org/
  specs:
    adsf (1.0.1)
      rack (>= 1.0.0)
    chunky_png (1.2.0)
    compass (0.11.1)
      chunky_png (~> 1.1)
      fssm (>= 0.2.7)
      sass (~> 3.1)
    cri (1.0.1)
    foreman (0.16.0)
      term-ansicolor (~> 1.0.5)
      thor (>= 0.13.6)
    fssm (0.2.7)
    nanoc (3.1.7)
      nanoc3 (>= 3.1.7)
    nanoc3 (3.1.7)
      cri (>= 1.0.0)
    rack (1.2.2)
    sass (3.1.1)
    term-ansicolor (1.0.5)
    thor (0.14.6)

PLATFORMS
  ruby

DEPENDENCIES
  adsf
  compass
  foreman
  nanoc
